GEM
  remote: http://rubygems.org/
  specs:
    activesupport (3.2.3)
      i18n (~> 0.6)
      multi_json (~> 1.0)
    addressable (2.2.7)
    bson (1.6.2)
    bson_ext (1.6.2)
      bson (~> 1.6.2)
    faraday (0.7.6)
      addressable (~> 2.2)
      multipart-post (~> 1.1)
      rack (~> 1.1)
    i18n (0.6.0)
    iron_worker (2.3.13)
      bundler
      bundler
      rest
      rest
      rest-client
      rest-client
      zip
      zip
    koala (1.4.0)
      faraday (~> 0.7.0)
      multi_json (~> 1.0)
    mime-types (1.18)
    mongo (1.6.2)
      bson (~> 1.6.2)
    multi_json (1.2.0)
    multipart-post (1.1.5)
    rack (1.4.1)
    rest (0.2.0)
      rest-client
      rest-client
    rest-client (1.6.7)
      mime-types (>= 1.16)
    simple_oauth (0.1.5)
    twitter (2.2.0)
      activesupport (>= 2.3.9, < 4)
      faraday (~> 0.7)
      multi_json (~> 1.0)
      simple_oauth (~> 0.1)
    zip (2.0.2)

PLATFORMS
  ruby

DEPENDENCIES
  bson
  bson_ext
  iron_worker
  koala
  mongo
  twitter
