GEM
  remote: http://rubygems.org/
  specs:
    iron_worker (2.3.13)
      bundler
      bundler
      rest
      rest
      rest-client
      rest-client
      zip
      zip
    mime-types (1.18)
    rest (0.2.0)
      rest-client
      rest-client
    rest-client (1.6.7)
      mime-types (>= 1.16)
    zip (2.0.2)

PLATFORMS
  ruby

DEPENDENCIES
  iron_worker
