GEM
  remote: http://rubygems.org/
  specs:
    bson (1.6.4)
    bson_ext (1.6.4)
      bson (~> 1.6.4)
    iron_worker (2.3.14)
      bundler
      bundler
      rest
      rest
      rest-client
      rest-client
      zip
      zip
    mime-types (1.19)
    mongo (1.6.4)
      bson (~> 1.6.4)
    nokogiri (1.5.5)
    rest (1.0.0)
      rest-client (>= 0.3.0)
    rest-client (1.6.7)
      mime-types (>= 1.16)
    zip (2.0.2)

PLATFORMS
  ruby

DEPENDENCIES
  bson
  bson_ext
  iron_worker
  mongo
  nokogiri
